REFERENCES: STRICT
REDIRECTS: OFF
IMPORT-TARGETS: FALSE
NUGET
  remote: https://www.nuget.org/api/v2
  specs:
    FAKE (4.26)
    FAKE.Dotnet (1.0.0-rc2-002)
    FAKE.Lib (4.26) - import_targets: false
    NuGet.CommandLine (3.4.3)
GITHUB
  remote: dolly22/FAKE.Gitsemver
  specs:
    Gitsemver.fsx (475e2a1ce8ab6d8d4c2ec7858270c4e654bd9b1a)
      FAKE.Lib